GIT
  remote: https://github.com/featurehub-io/featurehub-ruby-sdk.git
  revision: fa551295ec9703e630452e094d3856117c3d013d
  glob: featurehub-sdk/*.gemspec
  specs:
    featurehub-sdk (1.2.1)
      concurrent-ruby (~> 1.1.10)
      faraday (~> 2.3)
      ld-eventsource (~> 2.2.0)
      murmurhash3 (~> 0.1.6)
      sem_version (~> 2.0.0)

GEM
  remote: https://rubygems.org/
  specs:
    addressable (2.8.1)
      public_suffix (>= 2.0.2, < 6.0)
    concurrent-ruby (1.1.10)
    daemons (1.4.1)
    domain_name (0.5.20190701)
      unf (>= 0.0.5, < 1.0.0)
    eventmachine (1.2.7)
    faraday (2.7.4)
      faraday-net_http (>= 2.0, < 3.1)
      ruby2_keywords (>= 0.0.4)
    faraday-net_http (3.0.2)
    ffi (1.15.5)
    ffi-compiler (1.0.1)
      ffi (>= 1.0.0)
      rake
    http (5.1.1)
      addressable (~> 2.8)
      http-cookie (~> 1.0)
      http-form_data (~> 2.2)
      llhttp-ffi (~> 0.4.0)
    http-cookie (1.0.5)
      domain_name (~> 0.5)
    http-form_data (2.3.0)
    ld-eventsource (2.2.1)
      concurrent-ruby (~> 1.0)
      http (>= 4.4.1, < 6.0.0)
    llhttp-ffi (0.4.0)
      ffi-compiler (~> 1.0)
      rake (~> 13.0)
    murmurhash3 (0.1.7)
    mustermann (2.0.2)
      ruby2_keywords (~> 0.0.1)
    public_suffix (5.0.1)
    rack (2.2.6.4)
    rack-protection (2.2.3)
      rack
    rake (13.0.6)
    ruby2_keywords (0.0.5)
    sem_version (2.0.1)
    shotgun (0.9.2)
      rack (>= 1.0)
    sinatra (2.2.3)
      mustermann (~> 2.0)
      rack (~> 2.2)
      rack-protection (= 2.2.3)
      tilt (~> 2.0)
    thin (1.8.1)
      daemons (~> 1.0, >= 1.0.9)
      eventmachine (~> 1.0, >= 1.0.4)
      rack (>= 1, < 3)
    tilt (2.1.0)
    unf (0.1.4)
      unf_ext
    unf_ext (0.0.8.2)

PLATFORMS
  x86_64-darwin-21
  x86_64-linux

DEPENDENCIES
  featurehub-sdk!
  rack
  shotgun
  sinatra
  thin

RUBY VERSION
   ruby 2.7.6p219

BUNDLED WITH
   2.3.15
